PATH
  remote: ../spree/core
  specs:
    spree_core (0.70.0.rc2)
      activemerchant (= 1.17.0)
      acts_as_list (= 0.1.4)
      deface (>= 0.7.0)
      faker (= 1.0.0)
      highline (= 1.5.1)
      jquery-rails (>= 1.0.14)
      kaminari (>= 0.12.4)
      meta_search (= 1.1.1)
      nested_set (= 1.6.8)
      paperclip (= 2.4.1)
      rails (= 3.1.1.rc2)
      rd_find_by_param (= 0.1.1)
      rd_resource_controller
      state_machine (= 1.0.1)
      stringex (= 1.0.3)

GEM
  remote: http://rubygems.org/
  specs:
    actionmailer (3.1.1.rc2)
      actionpack (= 3.1.1.rc2)
      mail (~> 2.3.0)
    actionpack (3.1.1.rc2)
      activemodel (= 3.1.1.rc2)
      activesupport (= 3.1.1.rc2)
      builder (~> 3.0.0)
      erubis (~> 2.7.0)
      i18n (~> 0.6)
      rack (~> 1.3.2)
      rack-cache (~> 1.0.3)
      rack-mount (~> 0.8.2)
      rack-test (~> 0.6.1)
      sprockets (~> 2.0.0)
    activemerchant (1.17.0)
      activesupport (>= 2.3.11)
      braintree (>= 2.0.0)
      builder (>= 2.0.0)
      json (>= 1.5.1)
    activemodel (3.1.1.rc2)
      activesupport (= 3.1.1.rc2)
      builder (~> 3.0.0)
      i18n (~> 0.6)
    activerecord (3.1.1.rc2)
      activemodel (= 3.1.1.rc2)
      activesupport (= 3.1.1.rc2)
      arel (~> 2.2.1)
      tzinfo (~> 0.3.29)
    activeresource (3.1.1.rc2)
      activemodel (= 3.1.1.rc2)
      activesupport (= 3.1.1.rc2)
    activesupport (3.1.1.rc2)
      multi_json (~> 1.0)
    acts_as_list (0.1.4)
    addressable (2.2.6)
    archive-tar-minitar (0.5.2)
    arel (2.2.1)
    braintree (2.12.0)
      builder (>= 2.0.0)
    builder (3.0.0)
    capybara (0.4.1.2)
      celerity (>= 0.7.9)
      culerity (>= 0.2.4)
      mime-types (>= 1.16)
      nokogiri (>= 1.3.3)
      rack (>= 1.0.0)
      rack-test (>= 0.5.4)
      selenium-webdriver (>= 0.0.27)
      xpath (~> 0.1.3)
    celerity (0.9.0)
    childprocess (0.2.2)
      ffi (~> 1.0.6)
    cocaine (0.2.0)
    columnize (0.3.4)
    cucumber (1.1.0)
      builder (>= 2.1.2)
      diff-lcs (>= 1.1.2)
      gherkin (~> 2.5.0)
      json (>= 1.4.6)
      term-ansicolor (>= 1.0.6)
    cucumber-rails (0.4.1)
      cucumber (>= 0.10.1)
      nokogiri (>= 1.4.4)
      rack-test (>= 0.5.7)
    culerity (0.2.15)
    database_cleaner (0.6.7.RC)
    deface (0.7.0)
      nokogiri (~> 1.5.0)
      rails (>= 3.0.9)
    diff-lcs (1.1.3)
    erubis (2.7.0)
    factory_girl (1.3.3)
    factory_girl_rails (1.0.1)
      factory_girl (~> 1.3)
      railties (>= 3.0.0)
    faker (1.0.0)
      i18n (~> 0.4)
    ffi (1.0.9)
    gherkin (2.5.1)
      json (>= 1.4.6)
    highline (1.5.1)
    hike (1.2.1)
    i18n (0.6.0)
    jquery-rails (1.0.14)
      railties (~> 3.0)
      thor (~> 0.14)
    json (1.6.1)
    json_pure (1.6.1)
    kaminari (0.12.4)
      rails (>= 3.0.0)
    launchy (2.0.5)
      addressable (~> 2.2.6)
    linecache19 (0.5.12)
      ruby_core_source (>= 0.1.4)
    mail (2.3.0)
      i18n (>= 0.4.0)
      mime-types (~> 1.16)
      treetop (~> 1.4.8)
    meta_search (1.1.1)
      actionpack (~> 3.1.0)
      activerecord (~> 3.1.0)
      activesupport (~> 3.1.0)
      polyamorous (~> 0.5.0)
    mime-types (1.16)
    multi_json (1.0.3)
    nested_set (1.6.8)
      activerecord (>= 3.0.0)
      railties (>= 3.0.0)
    nokogiri (1.5.0)
    paperclip (2.4.1)
      activerecord (>= 2.3.0)
      activesupport (>= 2.3.2)
      cocaine (>= 0.0.2)
      mime-types
    polyamorous (0.5.0)
      activerecord (~> 3.0)
    polyglot (0.3.2)
    rack (1.3.4)
    rack-cache (1.0.3)
      rack (>= 0.4)
    rack-mount (0.8.3)
      rack (>= 1.0.0)
    rack-ssl (1.3.2)
      rack
    rack-test (0.6.1)
      rack (>= 1.0)
    rails (3.1.1.rc2)
      actionmailer (= 3.1.1.rc2)
      actionpack (= 3.1.1.rc2)
      activerecord (= 3.1.1.rc2)
      activeresource (= 3.1.1.rc2)
      activesupport (= 3.1.1.rc2)
      bundler (~> 1.0)
      railties (= 3.1.1.rc2)
    railties (3.1.1.rc2)
      actionpack (= 3.1.1.rc2)
      activesupport (= 3.1.1.rc2)
      rack-ssl (~> 1.3.2)
      rake (>= 0.8.7)
      rdoc (~> 3.4)
      thor (~> 0.14.6)
    rake (0.9.2)
    rcov (0.9.11)
    rd_find_by_param (0.1.1)
      activerecord (~> 3.0)
      activesupport (~> 3.0)
    rd_resource_controller (1.0.1)
    rdoc (3.9.4)
    rspec (2.5.0)
      rspec-core (~> 2.5.0)
      rspec-expectations (~> 2.5.0)
      rspec-mocks (~> 2.5.0)
    rspec-core (2.5.2)
    rspec-expectations (2.5.0)
      diff-lcs (~> 1.1.2)
    rspec-mocks (2.5.0)
    rspec-rails (2.5.0)
      actionpack (~> 3.0)
      activesupport (~> 3.0)
      railties (~> 3.0)
      rspec (~> 2.5.0)
    ruby-debug-base19 (0.11.25)
      columnize (>= 0.3.1)
      linecache19 (>= 0.5.11)
      ruby_core_source (>= 0.1.4)
    ruby-debug19 (0.11.6)
      columnize (>= 0.3.1)
      linecache19 (>= 0.5.11)
      ruby-debug-base19 (>= 0.11.19)
    ruby_core_source (0.1.5)
      archive-tar-minitar (>= 0.5.2)
    rubyzip (0.9.4)
    selenium-webdriver (2.8.0)
      childprocess (>= 0.2.1)
      ffi (>= 1.0.7)
      json_pure
      rubyzip
    shoulda (2.11.3)
    sprockets (2.0.2)
      hike (~> 1.2)
      rack (~> 1.0)
      tilt (~> 1.1, != 1.3.0)
    sqlite3 (1.3.4)
    sqlite3-ruby (1.3.3)
      sqlite3 (>= 1.3.3)
    state_machine (1.0.1)
    stringex (1.0.3)
    term-ansicolor (1.0.6)
    thor (0.14.6)
    tilt (1.3.3)
    treetop (1.4.10)
      polyglot
      polyglot (>= 0.3.1)
    tzinfo (0.3.30)
    xpath (0.1.4)
      nokogiri (~> 1.3)

PLATFORMS
  ruby

DEPENDENCIES
  capybara (= 0.4.1.2)
  cucumber-rails
  database_cleaner (= 0.6.7.RC)
  factory_girl (= 1.3.3)
  factory_girl_rails (= 1.0.1)
  faker
  launchy
  nokogiri
  rcov
  rspec-rails (= 2.5.0)
  ruby-debug19
  shoulda
  spree_core!
  sqlite3-ruby
